GEM
  remote: http://rubygems.org/
  specs:
    graphql (1.4.2)
    rack (1.6.5)
    rack-protection (1.5.3)
      rack
    redis (3.3.3)
    sinatra (1.4.8)
      rack (~> 1.5)
      rack-protection (~> 1.4)
      tilt (>= 1.3, < 3)
    tilt (2.0.6)

PLATFORMS
  ruby

DEPENDENCIES
  graphql
  redis
  sinatra

BUNDLED WITH
   1.13.7
